GEM
  remote: https://rubygems.org/
  specs:
    minitest (5.20.0)
    paco (0.2.3)

PLATFORMS
  arm64-darwin-22

DEPENDENCIES
  minitest
  paco

BUNDLED WITH
   2.4.22
